GEM
  remote: https://rubygems.org/
  specs:
    abstract (1.0.0)
    actionpack (3.0.20)
      activemodel (= 3.0.20)
      activesupport (= 3.0.20)
      builder (~> 2.1.2)
      erubis (~> 2.6.6)
      i18n (~> 0.5.0)
      rack (~> 1.2.5)
      rack-mount (~> 0.6.14)
      rack-test (~> 0.5.7)
      tzinfo (~> 0.3.23)
    activemodel (3.0.20)
      activesupport (= 3.0.20)
      builder (~> 2.1.2)
      i18n (~> 0.5.0)
    activesupport (3.0.20)
    builder (2.1.2)
    byebug (9.0.6)
    couch_photo (1.0.0.beta.14)
      activesupport (~> 3.0.0)
      couchrest (= 1.0.1)
      couchrest_model (~> 1.0.0)
      mini_magick
    couchrest (1.0.1)
      json (>= 1.4.6)
      mime-types (>= 1.15)
      rest-client (>= 1.5.1)
    couchrest_model (1.0.0)
      activemodel (~> 3.0.0)
      couchrest (~> 1.0.1)
      mime-types (~> 1.15)
      railties (~> 3.0.0)
      rspec (>= 2.0.0)
      tzinfo (~> 0.3.22)
    diff-lcs (1.3)
    domain_name (0.5.20170223)
      unf (>= 0.0.5, < 1.0.0)
    dotenv (2.2.0)
    erubis (2.6.6)
      abstract (>= 1.0.0)
    ffi (1.9.18)
    hashie (3.5.5)
    http-cookie (1.0.3)
      domain_name (~> 0.5)
    i18n (0.5.4)
    json (1.8.6)
    mime-types (1.25.1)
    mini_magick (4.6.1)
    multipart-post (2.0.0)
    netrc (0.11.0)
    rack (1.2.8)
    rack-mount (0.6.14)
      rack (>= 1.0.0)
    rack-test (0.5.7)
      rack (>= 1.0)
    railties (3.0.20)
      actionpack (= 3.0.20)
      activesupport (= 3.0.20)
      rake (>= 0.8.7)
      rdoc (~> 3.4)
      thor (~> 0.14.4)
    rake (12.0.0)
    rdoc (3.12.2)
      json (~> 1.4)
    rest-client (2.0.1)
      http-cookie (>= 1.0.2, < 2.0)
      mime-types (>= 1.16, < 4.0)
      netrc (~> 0.8)
    rspec (3.5.0)
      rspec-core (~> 3.5.0)
      rspec-expectations (~> 3.5.0)
      rspec-mocks (~> 3.5.0)
    rspec-core (3.5.4)
      rspec-support (~> 3.5.0)
    rspec-expectations (3.5.0)
      diff-lcs (>= 1.2.0, < 2.0)
      rspec-support (~> 3.5.0)
    rspec-mocks (3.5.0)
      diff-lcs (>= 1.2.0, < 2.0)
      rspec-support (~> 3.5.0)
    rspec-support (3.5.0)
    ruby_http_client (3.0.1)
    sendgrid-ruby (4.0.8)
      ruby_http_client (~> 3.0.1)
    soda-ruby (0.2.24)
      hashie (~> 3.4, >= 3.4.6)
      multipart-post (~> 2.0.0)
      sys-uname (~> 1.0.2)
    sys-uname (1.0.3)
      ffi (>= 1.0.0)
    thor (0.14.6)
    tzinfo (0.3.52)
    unf (0.1.4)
      unf_ext
    unf_ext (0.0.7.2)

PLATFORMS
  ruby

DEPENDENCIES
  byebug
  couch_photo (~> 1.0.0.beta.1)
  dotenv
  sendgrid-ruby
  soda-ruby

BUNDLED WITH
   1.14.6
